GEM
  remote: http://rubygems.org/
  specs:
    diff-lcs (1.1.3)
    erubis (2.7.0)
    git (1.2.5)
    i18n (0.6.0)
    jeweler (1.6.4)
      bundler (~> 1.0)
      git (>= 1.2.5)
      rake
    json (1.6.1)
    json (1.6.1-java)
    knjdbrevision (0.0.3)
      knjrbfw (>= 0.0.3)
    knjrbfw (0.0.7)
    mail (2.3.0)
      i18n (>= 0.4.0)
      mime-types (~> 1.16)
      treetop (~> 1.4.8)
    mime-types (1.17.2)
    polyglot (0.3.2)
    rake (0.9.2.2)
    rcov (0.9.11)
    rcov (0.9.11-java)
    rspec (2.3.0)
      rspec-core (~> 2.3.0)
      rspec-expectations (~> 2.3.0)
      rspec-mocks (~> 2.3.0)
    rspec-core (2.3.1)
    rspec-expectations (2.3.0)
      diff-lcs (~> 1.1.2)
    rspec-mocks (2.3.0)
    treetop (1.4.10)
      polyglot
      polyglot (>= 0.3.1)

PLATFORMS
  java
  ruby

DEPENDENCIES
  bundler (~> 1.0.0)
  erubis
  jeweler (~> 1.6.3)
  json
  knjdbrevision (>= 0.0.2)
  knjrbfw (>= 0.0.7)
  mail
  rcov
  rspec (~> 2.3.0)
