GEM
  remote: http://rubygems.org/
  specs:
    diff-lcs (1.1.2)
    erubis (2.7.0)
    git (1.2.5)
    jeweler (1.6.3)
      bundler (~> 1.0)
      git (>= 1.2.5)
      rake
    knjdbrevision (0.0.2)
      knjrbfw
    knjrbfw (0.0.7)
    rake (0.9.2)
    rcov (0.9.9)
    rcov (0.9.9-java)
    rspec (2.3.0)
      rspec-core (~> 2.3.0)
      rspec-expectations (~> 2.3.0)
      rspec-mocks (~> 2.3.0)
    rspec-core (2.3.1)
    rspec-expectations (2.3.0)
      diff-lcs (~> 1.1.2)
    rspec-mocks (2.3.0)
    sqlite3 (1.3.3)

PLATFORMS
  java
  ruby

DEPENDENCIES
  bundler (~> 1.0.0)
  erubis
  jeweler (~> 1.6.3)
<<<<<<< HEAD
  knjdbrevision
  knjrbfw
=======
  knjdbrevision (>= 0.0.2)
  knjrbfw (>= 0.0.7)
>>>>>>> 5632574baea0cc1e5a739bb979115c4c0830e7b6
  rcov
  rspec (~> 2.3.0)
  sqlite3
